RESTRICTION: >= net461
NUGET
  remote: https://www.nuget.org/api/v2
    Microsoft.Bcl.AsyncInterfaces (7.0) - restriction: || (&& (>= net461) (>= net6.0)) (&& (>= net462) (>= net6.0)) (>= net472)
      System.Threading.Tasks.Extensions (>= 4.5.4) - restriction: || (&& (>= net461) (>= netstandard2.0)) (>= net462)
    Microsoft.Build (17.2.2)
      Microsoft.Build.Framework (>= 17.2.2) - restriction: || (&& (>= net461) (>= net6.0)) (>= net472)
      Microsoft.IO.Redist (>= 6.0) - restriction: >= net472
      Microsoft.NET.StringTools (>= 1.0) - restriction: || (&& (>= net461) (>= net6.0)) (>= net472)
      System.Collections.Immutable (>= 5.0) - restriction: || (&& (>= net461) (>= net6.0)) (>= net472)
      System.Configuration.ConfigurationManager (>= 4.7) - restriction: || (&& (>= net461) (>= net6.0)) (>= net472)
      System.Memory (>= 4.5.4) - restriction: >= net472
      System.Text.Json (>= 6.0) - restriction: || (&& (>= net461) (>= net6.0)) (>= net472)
      System.Threading.Tasks.Dataflow (>= 6.0) - restriction: || (&& (>= net461) (>= net6.0)) (>= net472)
    Microsoft.Build.Engine (17.7)
      Microsoft.Build.Framework (>= 17.7) - restriction: >= net472
      Microsoft.VisualStudio.Setup.Configuration.Interop (>= 3.2.2146) - restriction: >= net472
      System.Runtime.CompilerServices.Unsafe (>= 6.0) - restriction: >= net472
    Microsoft.Build.Framework (17.7) - restriction: >= net472
      Microsoft.VisualStudio.Setup.Configuration.Interop (>= 3.2.2146) - restriction: >= net472
      System.Runtime.CompilerServices.Unsafe (>= 6.0) - restriction: || (&& (>= net461) (>= netstandard2.0)) (>= net472)
    Microsoft.IO.Redist (6.0) - restriction: >= net472
      System.Buffers (>= 4.5.1) - restriction: >= net472
      System.Memory (>= 4.5.4) - restriction: >= net472
    Microsoft.NET.StringTools (17.7) - restriction: || (&& (>= net461) (>= net6.0)) (>= net472)
      System.Memory (>= 4.5.5) - restriction: || (&& (>= net461) (>= netstandard2.0)) (>= net472)
      System.Runtime.CompilerServices.Unsafe (>= 6.0) - restriction: || (&& (>= net461) (>= netstandard2.0)) (>= net472)
    Microsoft.VisualStudio.Setup.Configuration.Interop (3.7.2175) - restriction: >= net472
    System.Buffers (4.5.1) - restriction: >= net472
    System.Collections.Immutable (5.0) - restriction: || (&& (>= net461) (>= net6.0)) (>= net472)
      System.Memory (>= 4.5.4)
    System.Configuration.ConfigurationManager (7.0) - restriction: || (&& (>= net461) (>= net6.0)) (>= net472)
      System.Security.Permissions (>= 7.0) - restriction: || (&& (>= net461) (>= netstandard2.0)) (>= net462)
    System.Memory (4.5.5) - restriction: || (&& (>= net461) (>= net6.0)) (&& (>= net462) (>= net6.0)) (>= net472)
      System.Buffers (>= 4.5.1)
      System.Numerics.Vectors (>= 4.5)
      System.Runtime.CompilerServices.Unsafe (>= 4.5.3)
    System.Numerics.Vectors (4.5) - restriction: || (&& (>= net461) (>= net6.0)) (&& (>= net462) (>= net6.0)) (>= net472)
    System.Runtime.CompilerServices.Unsafe (6.0) - restriction: >= net472
    System.Security.AccessControl (6.0) - restriction: || (&& (>= net461) (>= net6.0)) (&& (>= net462) (>= net6.0)) (>= net472)
      System.Security.Principal.Windows (>= 5.0)
    System.Security.Permissions (7.0) - restriction: || (&& (>= net461) (>= net6.0)) (&& (>= net462) (>= net6.0)) (>= net472)
      System.Security.AccessControl (>= 6.0) - restriction: || (&& (>= net461) (>= netstandard2.0)) (>= net462)
    System.Security.Principal.Windows (5.0) - restriction: || (&& (>= net461) (>= net6.0)) (&& (>= net462) (>= net6.0)) (>= net472)
    System.Text.Encodings.Web (7.0) - restriction: || (&& (>= net461) (>= net6.0)) (&& (>= net462) (>= net6.0)) (>= net472)
      System.Buffers (>= 4.5.1) - restriction: || (&& (>= net461) (>= netstandard2.0)) (>= net462)
      System.Memory (>= 4.5.5) - restriction: || (&& (>= net461) (>= netstandard2.0)) (>= net462)
      System.Runtime.CompilerServices.Unsafe (>= 6.0) - restriction: || (&& (>= net461) (>= net6.0)) (&& (>= net461) (>= netstandard2.0)) (>= net462)
    System.Text.Json (7.0.3) - restriction: || (&& (>= net461) (>= net6.0)) (>= net472)
      Microsoft.Bcl.AsyncInterfaces (>= 7.0) - restriction: || (&& (>= net461) (>= netstandard2.0)) (>= net462)
      System.Buffers (>= 4.5.1) - restriction: || (&& (>= net461) (>= netstandard2.0)) (>= net462)
      System.Memory (>= 4.5.5) - restriction: || (&& (>= net461) (>= netstandard2.0)) (>= net462)
      System.Numerics.Vectors (>= 4.5) - restriction: || (&& (>= net461) (>= netstandard2.0)) (>= net462)
      System.Runtime.CompilerServices.Unsafe (>= 6.0) - restriction: || (&& (>= net461) (>= net6.0)) (&& (>= net461) (>= netstandard2.0)) (>= net462)
      System.Text.Encodings.Web (>= 7.0) - restriction: || (&& (>= net461) (>= netstandard2.0)) (>= net462)
      System.Threading.Tasks.Extensions (>= 4.5.4) - restriction: || (&& (>= net461) (>= netstandard2.0)) (>= net462)
      System.ValueTuple (>= 4.5) - restriction: >= net462
    System.Threading.Tasks.Dataflow (7.0) - restriction: || (&& (>= net461) (>= net6.0)) (>= net472)
    System.Threading.Tasks.Extensions (4.5.4) - restriction: || (&& (>= net461) (>= net6.0)) (&& (>= net462) (>= net6.0)) (>= net472)
      System.Runtime.CompilerServices.Unsafe (>= 4.5.3)
    System.ValueTuple (4.5) - restriction: || (&& (>= net462) (>= net6.0)) (>= net472)

GROUP Build
NUGET
  remote: https://www.nuget.org/api/v2
    FAKE (5.16)
